PATH
  remote: .
  specs:
    oboe (2.6.5.5)
      json

GEM
  remote: https://rubygems.org/
  specs:
    activesupport (4.1.1)
      i18n (~> 0.6, >= 0.6.9)
      json (~> 1.7, >= 1.7.7)
      minitest (~> 5.1)
      thread_safe (~> 0.1)
      tzinfo (~> 1.1)
    ansi (1.4.3)
    appraisal (1.0.0)
      bundler
      rake
      thor (>= 0.14.0)
    axiom-types (0.1.1)
      descendants_tracker (~> 0.0.4)
      ice_nine (~> 0.11.0)
      thread_safe (~> 0.3, >= 0.3.1)
    bson (1.10.1)
    bson_ext (1.10.1)
      bson (~> 1.10.1)
    builder (3.2.2)
    byebug (3.1.2)
      columnize (~> 0.8)
      debugger-linecache (~> 1.2)
    cassandra (0.23.0)
      json
      rake
      simple_uuid (~> 0.3)
      thrift_client (~> 0.7, < 0.9)
    coderay (1.1.0)
    coercible (1.0.0)
      descendants_tracker (~> 0.0.1)
    columnize (0.8.9)
    dalli (2.7.2)
    debugger (1.6.8)
      columnize (>= 0.3.1)
      debugger-linecache (~> 1.2.0)
      debugger-ruby_core_source (~> 1.3.5)
    debugger-linecache (1.2.0)
    debugger-ruby_core_source (1.3.5)
    descendants_tracker (0.0.4)
      thread_safe (~> 0.3, >= 0.3.1)
    equalizer (0.0.9)
    grape (0.7.0)
      activesupport
      builder
      hashie (>= 1.2.0)
      multi_json (>= 1.3.2)
      multi_xml (>= 0.5.2)
      rack (>= 1.3.0)
      rack-accept
      rack-mount
      virtus (>= 1.0.0)
    hashie (3.0.0)
    http_router (0.11.1)
      rack (>= 1.0.0)
      url_mount (~> 0.2.1)
    i18n (0.6.9)
    ice_nine (0.11.0)
    json (1.8.1)
    linecache (0.46)
      rbx-require-relative (> 0.0.4)
    mail (2.5.4)
      mime-types (~> 1.16)
      treetop (~> 1.4.8)
    memcache-client (1.8.5)
    memcached (1.7.2)
    method_source (0.8.2)
    mime-types (1.25.1)
    minitest (5.3.4)
    minitest-reporters (1.0.4)
      ansi
      builder
      minitest (>= 5.0)
      ruby-progressbar
    moneta (0.7.20)
    mongo (1.10.1)
      bson (~> 1.10.1)
    mono_logger (1.1.0)
    moped (1.5.2)
    multi_json (1.10.1)
    multi_xml (0.5.5)
    padrino (0.12.0)
      padrino-admin (= 0.12.0)
      padrino-cache (= 0.12.0)
      padrino-core (= 0.12.0)
      padrino-gen (= 0.12.0)
      padrino-helpers (= 0.12.0)
      padrino-mailer (= 0.12.0)
    padrino-admin (0.12.0)
      padrino-core (= 0.12.0)
      padrino-helpers (= 0.12.0)
    padrino-cache (0.12.0)
      moneta (~> 0.7.0)
      padrino-core (= 0.12.0)
      padrino-helpers (= 0.12.0)
    padrino-core (0.12.0)
      activesupport (>= 3.1)
      http_router (~> 0.11.0)
      rack-protection (>= 1.5.0)
      sinatra (~> 1.4.2)
      thor (~> 0.17.0)
      tilt (~> 1.4.1)
    padrino-gen (0.12.0)
      bundler (~> 1.0)
      padrino-core (= 0.12.0)
    padrino-helpers (0.12.0)
      i18n (~> 0.6, >= 0.6.7)
      padrino-core (= 0.12.0)
    padrino-mailer (0.12.0)
      mail (~> 2.5.3)
      padrino-core (= 0.12.0)
    perftools.rb (2.0.1)
    polyglot (0.3.4)
    pry (0.9.12.6)
      coderay (~> 1.0)
      method_source (~> 0.8)
      slop (~> 3.4)
    rack (1.5.2)
    rack-accept (0.4.5)
      rack (>= 0.4)
    rack-mount (0.8.3)
      rack (>= 1.0.0)
    rack-protection (1.5.3)
      rack
    rack-test (0.6.2)
      rack (>= 1.0)
    rake (10.3.2)
    rbx-require-relative (0.0.9)
    redis (3.0.7)
    redis-namespace (1.4.1)
      redis (~> 3.0.4)
    resque (1.25.2)
      mono_logger (~> 1.0)
      multi_json (~> 1.0)
      redis-namespace (~> 1.3)
      sinatra (>= 0.9.2)
      vegas (~> 0.1.2)
    ruby-debug (0.10.4)
      columnize (>= 0.1)
      ruby-debug-base (~> 0.10.4.0)
    ruby-debug-base (0.10.4)
      linecache (>= 0.3)
    ruby-progressbar (1.5.1)
    simple_uuid (0.4.0)
    sinatra (1.4.5)
      rack (~> 1.4)
      rack-protection (~> 1.4)
      tilt (~> 1.3, >= 1.3.4)
    slop (3.5.0)
    thor (0.17.0)
    thread_safe (0.3.4)
    thrift (0.8.0)
    thrift_client (0.8.4)
      thrift (~> 0.8.0)
    tilt (1.4.1)
    treetop (1.4.15)
      polyglot
      polyglot (>= 0.3.1)
    tzinfo (1.2.0)
      thread_safe (~> 0.1)
    url_mount (0.2.1)
      rack
    vegas (0.1.11)
      rack (>= 1.0.0)
    virtus (1.0.2)
      axiom-types (~> 0.1)
      coercible (~> 1.0)
      descendants_tracker (~> 0.0.3)
      equalizer (~> 0.0.9)

PLATFORMS
  ruby

DEPENDENCIES
  appraisal
  bson
  bson_ext
  byebug
  cassandra
  dalli
  debugger
  grape
  memcache-client
  memcached (= 1.7.2)
  minitest
  minitest-reporters
  mongo
  moped
  oboe!
  padrino (= 0.12.0)
  perftools.rb
  pry
  rack-test
  rake
  redis
  resque
  ruby-debug
  sinatra
